PATH
  remote: .
  specs:
    rodauth-pat (0.1.0)
      rodauth (~> 2.0)

GEM
  remote: https://rubygems.org/
  specs:
    minitest (5.18.0)
    rack (3.0.7)
    rake (13.0.6)
    roda (3.66.0)
      rack
    rodauth (2.29.0)
      roda (>= 2.6.0)
      sequel (>= 4)
    sequel (5.66.0)

PLATFORMS
  x86_64-darwin-19

DEPENDENCIES
  minitest (~> 5.0)
  rake (~> 13.0)
  rodauth-pat!

BUNDLED WITH
   2.3.26
