PATH
  remote: .
  specs:
    rodauth-pat (0.1.0)
      rodauth (~> 2.0)

GEM
  remote: https://rubygems.org/
  specs:
    diff-lcs (1.5.0)
    rack (3.0.7)
    rake (13.0.6)
    roda (3.66.0)
      rack
    rodauth (2.29.0)
      roda (>= 2.6.0)
      sequel (>= 4)
    rspec (3.12.0)
      rspec-core (~> 3.12.0)
      rspec-expectations (~> 3.12.0)
      rspec-mocks (~> 3.12.0)
    rspec-core (3.12.1)
      rspec-support (~> 3.12.0)
    rspec-expectations (3.12.2)
      diff-lcs (>= 1.2.0, < 2.0)
      rspec-support (~> 3.12.0)
    rspec-mocks (3.12.4)
      diff-lcs (>= 1.2.0, < 2.0)
      rspec-support (~> 3.12.0)
    rspec-support (3.12.0)
    sequel (5.66.0)
    sqlite3 (1.6.1-x86_64-darwin)

PLATFORMS
  x86_64-darwin-19

DEPENDENCIES
  rake
  rodauth-pat!
  rspec
  sqlite3

BUNDLED WITH
   2.3.26
